GEM
  remote: https://rubygems.org/
  specs:
    mini_portile2 (2.8.0)
    mustermann (3.0.0)
      ruby2_keywords (~> 0.0.1)
    nio4r (2.5.8)
    nokogiri (1.13.6)
      mini_portile2 (~> 2.8.0)
      racc (~> 1.4)
    puma (6.0.2)
      nio4r (~> 2.0)
    racc (1.6.0)
    rack (2.2.5)
    rack-protection (3.0.5)
      rack
    ruby2_keywords (0.0.5)
    sinatra (3.0.5)
      mustermann (~> 3.0)
      rack (~> 2.2, >= 2.2.4)
      rack-protection (= 3.0.5)
      tilt (~> 2.0)
    tilt (2.0.11)

PLATFORMS
  ruby

DEPENDENCIES
  nokogiri (~> 1.13.6)
  puma
  sinatra (~> 3.0.5)

BUNDLED WITH
   2.1.4
